GEM
  remote: https://rubygems.org/
  specs:
    sqlite3 (1.6.8-arm64-darwin)

PLATFORMS
  arm64-darwin-23

DEPENDENCIES
  sqlite3

BUNDLED WITH
   2.4.21
